GEM
  remote: https://rubygems.org/
  specs:

PLATFORMS
  arm64-darwin-23

DEPENDENCIES

RUBY VERSION
   ruby 3.1.4p223

BUNDLED WITH
   2.3.27
